GEM
  remote: https://rubygems.org/
  specs:
    rack (2.0.3)

PLATFORMS
  ruby

DEPENDENCIES
  rack (= 2.0.3)

RUBY VERSION
   ruby 2.4.2p198

BUNDLED WITH
   1.16.0
