GEM
  remote: https://rubygems.org/
  specs:
    diff-lcs (1.3)
    marky_markov (0.3.5)
      msgpack
    msgpack (1.1.0)
    puma (3.10.0)
    rack (2.0.3)
    rspec (3.5.0)
      rspec-core (~> 3.5.0)
      rspec-expectations (~> 3.5.0)
      rspec-mocks (~> 3.5.0)
    rspec-core (3.5.4)
      rspec-support (~> 3.5.0)
    rspec-expectations (3.5.0)
      diff-lcs (>= 1.2.0, < 2.0)
      rspec-support (~> 3.5.0)
    rspec-mocks (3.5.0)
      diff-lcs (>= 1.2.0, < 2.0)
      rspec-support (~> 3.5.0)
    rspec-support (3.5.0)

PLATFORMS
  ruby

DEPENDENCIES
  marky_markov (= 0.3.5)
  puma (= 3.10.0)
  rack (= 2.0.3)
  rspec (= 3.5.0)

RUBY VERSION
   ruby 2.4.2p198

BUNDLED WITH
   1.16.0
